GEM
  remote: http://rubygems.org/
  specs:
    abstract (1.0.0)
    actionmailer (3.0.19)
      actionpack (= 3.0.19)
      mail (~> 2.2.19)
    actionpack (3.0.19)
      activemodel (= 3.0.19)
      activesupport (= 3.0.19)
      builder (~> 2.1.2)
      erubis (~> 2.6.6)
      i18n (~> 0.5.0)
      rack (~> 1.2.5)
      rack-mount (~> 0.6.14)
      rack-test (~> 0.5.7)
      tzinfo (~> 0.3.23)
    active_utils (1.0.5)
      activesupport (>= 2.3.11)
      i18n
    activemerchant (1.29.3)
      active_utils (>= 1.0.2)
      activesupport (>= 2.3.14)
      builder (>= 2.0.0)
      i18n
      json (>= 1.5.1)
      money
      nokogiri
    activemodel (3.0.19)
      activesupport (= 3.0.19)
      builder (~> 2.1.2)
      i18n (~> 0.5.0)
    activerecord (3.0.19)
      activemodel (= 3.0.19)
      activesupport (= 3.0.19)
      arel (~> 2.0.10)
      tzinfo (~> 0.3.23)
    activeresource (3.0.19)
      activemodel (= 3.0.19)
      activesupport (= 3.0.19)
    activesupport (3.0.19)
    addressable (2.3.2)
    arel (2.0.10)
    aws-s3 (0.6.2)
      builder
      mime-types
      xml-simple
    babosa (0.3.8)
    bcrypt-ruby (3.0.1)
    builder (2.1.2)
    capybara (2.0.2)
      mime-types (>= 1.16)
      nokogiri (>= 1.3.3)
      rack (>= 1.0.0)
      rack-test (>= 0.5.4)
      selenium-webdriver (~> 2.0)
      xpath (~> 1.0.0)
    childprocess (0.3.6)
      ffi (>= 1.0.6, ~> 1.0)
    client_side_validations (3.1.4)
    climate_control (0.0.3)
      activesupport (>= 3.0)
    cocaine (0.5.0)
      climate_control (< 1.0, >= 0.0.3)
    devise (1.4.5)
      bcrypt-ruby (~> 3.0)
      orm_adapter (~> 0.0.3)
      warden (~> 1.0.3)
    diff-lcs (1.1.3)
    dragonfly (0.9.12)
      rack
    erubis (2.6.6)
      abstract (>= 1.0.0)
    excon (0.16.10)
    factory_girl (4.1.0)
      activesupport (>= 3.0.0)
    ffi (1.3.1)
    friendly_id (3.3.0.1)
      babosa (~> 0.3.0)
    geo_location (0.4.2)
    hashie (1.2.0)
    heroku-api (0.3.7)
      excon (~> 0.16.10)
    heroku_san (4.0.7)
      heroku-api (>= 0.1.2)
      rake
    i18n (0.5.0)
    jquery-rails (2.1.4)
      railties (< 5.0, >= 3.0)
      thor (< 2.0, >= 0.14)
    json (1.7.6)
    libwebsocket (0.1.7.1)
      addressable
      websocket
    mail (2.2.19)
      activesupport (>= 2.3.6)
      i18n (>= 0.4.0)
      mime-types (~> 1.16)
      treetop (~> 1.4.8)
    metaclass (0.0.1)
    mime-types (1.19)
    mocha (0.10.0)
      metaclass (~> 0.0.1)
    money (5.0.0)
      i18n (~> 0.4)
      json
    multi_json (1.5.0)
    nifty-generators (0.4.6)
    nokogiri (1.5.6)
    omniauth (1.1.1)
      hashie (~> 1.2)
      rack
    orm_adapter (0.0.7)
    paperclip (2.4.1)
      activerecord (>= 2.3.0)
      activesupport (>= 2.3.2)
      cocaine (>= 0.0.2)
      mime-types
    paypal-recurring (1.1.0)
    polyglot (0.3.3)
    rack (1.2.6)
    rack-cache (1.2)
      rack (>= 0.4)
    rack-google_analytics (1.0.2)
      rack
    rack-mount (0.6.14)
      rack (>= 1.0.0)
    rack-test (0.5.7)
      rack (>= 1.0)
    rails (3.0.19)
      actionmailer (= 3.0.19)
      actionpack (= 3.0.19)
      activerecord (= 3.0.19)
      activeresource (= 3.0.19)
      activesupport (= 3.0.19)
      bundler (~> 1.0)
      railties (= 3.0.19)
    railties (3.0.19)
      actionpack (= 3.0.19)
      activesupport (= 3.0.19)
      rake (>= 0.8.7)
      rdoc (~> 3.4)
      thor (~> 0.14.4)
    rake (10.0.3)
    rdoc (3.12)
      json (~> 1.4)
    remotipart (1.0.2)
    rspec-core (2.12.2)
    rspec-expectations (2.12.1)
      diff-lcs (~> 1.1.3)
    rspec-mocks (2.12.1)
    rspec-rails (2.12.1)
      actionpack (>= 3.0)
      activesupport (>= 3.0)
      railties (>= 3.0)
      rspec-core (~> 2.12.0)
      rspec-expectations (~> 2.12.0)
      rspec-mocks (~> 2.12.0)
    ruby-prof (0.11.3)
    rubyzip (0.9.9)
    selenium-webdriver (2.27.2)
      childprocess (>= 0.2.5)
      libwebsocket (~> 0.1.3)
      multi_json (~> 1.0)
      rubyzip
    sqlite3 (1.3.7)
    test-unit (2.5.3)
    text (0.2.0)
    thor (0.14.6)
    treetop (1.4.12)
      polyglot
      polyglot (>= 0.3.1)
    tzinfo (0.3.35)
    warden (1.0.6)
      rack (>= 1.0)
    websocket (1.0.6)
    xml-simple (1.1.2)
    xpath (1.0.0)
      nokogiri (~> 1.3)

PLATFORMS
  ruby

DEPENDENCIES
  activemerchant
  aws-s3 (= 0.6.2)
  capybara
  client_side_validations (= 3.1.4)
  devise (= 1.4.5)
  dragonfly (~> 0.9.8)
  factory_girl
  friendly_id (= 3.3.0.1)
  geo_location
  heroku_san
  jquery-rails
  mocha (= 0.10.0)
  nifty-generators
  nokogiri
  omniauth (~> 1.1.1)
  paperclip (= 2.4.1)
  paypal-recurring
  rack-cache
  rack-google_analytics
  rails (= 3.0.19)
  rake
  remotipart (~> 1.0)
  rspec-rails
  ruby-prof
  sqlite3
  test-unit
  text (= 0.2.0)
